PATH
  remote: .
  specs:
    rack-throttle (0.3.0)
      rack (>= 1.0.0)

GEM
  remote: http://rubygems.org/
  specs:
    columnize (0.3.6)
    debugger (1.2.2)
      columnize (>= 0.3.1)
      debugger-linecache (~> 1.1.1)
      debugger-ruby_core_source (~> 1.1.5)
    debugger-linecache (1.1.2)
      debugger-ruby_core_source (>= 1.1.1)
    debugger-ruby_core_source (1.1.5)
    diff-lcs (1.1.3)
    rack (1.4.2)
    rack-protection (1.2.0)
      rack
    rack-test (0.6.2)
      rack (>= 1.0)
    rspec (2.12.0)
      rspec-core (~> 2.12.0)
      rspec-expectations (~> 2.12.0)
      rspec-mocks (~> 2.12.0)
    rspec-core (2.12.2)
    rspec-expectations (2.12.1)
      diff-lcs (~> 1.1.3)
    rspec-mocks (2.12.1)
    sinatra (1.3.3)
      rack (~> 1.3, >= 1.3.6)
      rack-protection (~> 1.2)
      tilt (~> 1.3, >= 1.3.3)
    tilt (1.3.3)
    timecop (0.5.4)
    yard (0.8.3)

PLATFORMS
  ruby

DEPENDENCIES
  debugger
  rack-test (>= 0.5.3)
  rack-throttle!
  rspec (>= 2.0)
  sinatra
  timecop
  yard (>= 0.5.5)
